GEM
  remote: https://rubygems.org/
  specs:
    aggregate (0.2.2)
    ansi (1.4.3)
    bson (1.8.5)
    bson_ext (1.8.5)
      bson (~> 1.8.5)
    bugsnag (1.3.1)
      httparty (>= 0.6, < 1.0)
      multi_json (~> 1.0)
    builder (3.2.0)
    coderay (1.0.9)
    colored (1.2)
    excon (0.20.1)
    faraday (0.8.7)
      multipart-post (~> 1.1)
    fog (1.7.0)
      builder
      excon (~> 0.14)
      formatador (~> 0.2.0)
      mime-types
      multi_json (~> 1.0)
      net-scp (~> 1.0.4)
      net-ssh (>= 2.1.3)
      nokogiri (~> 1.5.0)
      ruby-hmac
    formatador (0.2.4)
    hiredis (0.4.5)
    httparty (0.11.0)
      multi_json (~> 1.0)
      multi_xml (>= 0.5.2)
    librato-metrics (1.0.4)
      aggregate (~> 0.2.2)
      faraday (~> 0.7)
      multi_json
    method_source (0.8.1)
    mime-types (1.22)
    multi_json (1.7.2)
    multi_xml (0.5.3)
    multipart-post (1.2.0)
    net-scp (1.0.4)
      net-ssh (>= 1.99.1)
    net-ssh (2.6.7)
    nokogiri (1.5.9)
    pry (0.9.12)
      coderay (~> 1.0.5)
      method_source (~> 0.8)
      slop (~> 3.4)
    rake (10.0.4)
    redis (3.0.3)
    ruby-hmac (0.4.0)
    slop (3.4.4)
    turn (0.9.6)
      ansi
    yajl-ruby (1.1.0)

PLATFORMS
  ruby

DEPENDENCIES
  bson_ext
  bugsnag
  colored
  fog (~> 1.7.0)
  hiredis (~> 0.4.5)
  librato-metrics
  pry
  rake
  redis (~> 3.0.1)
  turn
  yajl-ruby
