GEM
  remote: http://rubygems.org/
  specs:
    ansi (1.4.3)
    bson_ext (1.3.1)
    bugsnag (1.2.5)
      httparty (>= 0.5, < 1.0)
      multi_json (~> 1.0)
    builder (3.1.4)
    coderay (1.0.5)
    colored (1.2)
    excon (0.16.7)
    fog (1.7.0)
      builder
      excon (~> 0.14)
      formatador (~> 0.2.0)
      mime-types
      multi_json (~> 1.0)
      net-scp (~> 1.0.4)
      net-ssh (>= 2.1.3)
      nokogiri (~> 1.5.0)
      ruby-hmac
    foreman (0.60.2)
      thor (>= 0.13.6)
    formatador (0.2.4)
    hiredis (0.4.5)
    httparty (0.9.0)
      multi_json (~> 1.0)
      multi_xml
    method_source (0.7.1)
    mime-types (1.19)
    multi_json (1.3.7)
    multi_xml (0.5.1)
    net-scp (1.0.4)
      net-ssh (>= 1.99.1)
    net-ssh (2.6.1)
    nokogiri (1.5.5)
    pry (0.9.8.4)
      coderay (~> 1.0.5)
      method_source (~> 0.7.1)
      slop (>= 2.4.4, < 3)
    rake (0.9.2)
    redis (3.0.2)
    ruby-hmac (0.4.0)
    slop (2.4.4)
    thor (0.16.0)
    turn (0.9.6)
      ansi

PLATFORMS
  ruby

DEPENDENCIES
  bson_ext
  bugsnag
  colored
  fog (~> 1.7.0)
  foreman
  hiredis (~> 0.4.5)
  pry
  rake
  redis (~> 3.0.1)
  turn
